GEM
  remote: https://rubygems.org/
  specs:
    prometheus_exporter (0.4.0)

PLATFORMS
  ruby

DEPENDENCIES
  prometheus_exporter

BUNDLED WITH
   1.16.3
